GIT
  remote: git://github.com/Applicat/auto_html
  revision: 5bc3c9a9fd31cc642f9f68fa4653014f14366645
  specs:
    auto_html (1.5.3)
      redcarpet
      rinku (~> 1.5.0)

GIT
  remote: git://github.com/mislav/will_paginate.git
  revision: ca7d45f955066f0a01d500769a8efbb6acc4032c
  specs:
    will_paginate (3.0.4)

GIT
  remote: git://github.com/vigetlabs/acts_as_markup.git
  revision: 436f1862d68733a3b21f201f11024dd297a8cc1d
  specs:
    acts_as_markup (1.4.2)
      RedCloth
      RedCloth (~> 4.2)
      activerecord
      activerecord (>= 2.3.2)
      activesupport
      activesupport (>= 2.3.2)
      rdiscount
      rdiscount (~> 1.3)
      wikicloth
      wikitext (~> 2.0)

GIT
  remote: https://github.com/binarylogic/settingslogic.git
  revision: 08792a6dd770e0754a73edffdc525507dfcdb81d
  specs:
    settingslogic (2.0.9)

GIT
  remote: https://github.com/pivotal/jasmine-gem.git
  revision: a0aff0490a45755eadbc918a40cb49c87631cbf2
  specs:
    jasmine (2.0.0)
      jasmine-core (~> 2.0.0)
      phantomjs
      rack (>= 1.2.1)
      rake

PATH
  remote: /Users/gawlim/workspace/voluntary/voluntary_scholarship
  specs:
    voluntary_scholarship (0.0.1)
      voluntary

GEM
  remote: http://gems.github.com/
  remote: http://rubygems.org/
  specs:
    RedCloth (4.2.9)
    actionmailer (3.2.17)
      actionpack (= 3.2.17)
      mail (~> 2.5.4)
    actionpack (3.2.17)
      activemodel (= 3.2.17)
      activesupport (= 3.2.17)
      builder (~> 3.0.0)
      erubis (~> 2.7.0)
      journey (~> 1.0.4)
      rack (~> 1.4.5)
      rack-cache (~> 1.2)
      rack-test (~> 0.6.1)
      sprockets (~> 2.2.1)
    activemodel (3.2.17)
      activesupport (= 3.2.17)
      builder (~> 3.0.0)
    activerecord (3.2.17)
      activemodel (= 3.2.17)
      activesupport (= 3.2.17)
      arel (~> 3.0.2)
      tzinfo (~> 0.3.29)
    activerecord-import (0.4.1)
      activerecord (>= 3.0)
    activeresource (3.2.17)
      activemodel (= 3.2.17)
      activesupport (= 3.2.17)
    activesupport (3.2.17)
      i18n (~> 0.6, >= 0.6.4)
      multi_json (~> 1.0)
    acts-as-taggable-on (2.4.1)
      rails (>= 3, < 5)
    acts_as_api (0.4.2)
      activemodel (>= 3.0.0)
      activesupport (>= 3.0.0)
      rack (>= 1.1.0)
    acts_as_list (0.4.0)
      activerecord (>= 3.0)
    addressable (2.3.5)
    ancestry (2.0.0)
      activerecord (>= 3.0.0)
    arel (3.0.3)
    asset_sync (0.5.4)
      activemodel
      fog
    bcrypt (3.1.7)
    bcrypt-ruby (3.1.5)
      bcrypt (>= 3.1.3)
    bootstrap-sass-rails (2.3.2.1)
      railties (>= 3.1.0)
      sass-rails (>= 3.1.0)
    builder (3.0.4)
    cancan (1.6.10)
    capistrano (3.1.0)
      i18n
      rake (>= 10.0.0)
      sshkit (~> 1.3)
    capistrano-ext (1.2.1)
      capistrano (>= 1.0.0)
    capistrano_colors (0.5.5)
    capybara (2.2.1)
      mime-types (>= 1.16)
      nokogiri (>= 1.3.3)
      rack (>= 1.0.0)
      rack-test (>= 0.5.4)
      xpath (~> 2.0)
    carrierwave (0.6.2)
      activemodel (>= 3.2.0)
      activesupport (>= 3.2.0)
    celluloid (0.15.2)
      timers (~> 1.1.0)
    client_side_validations (3.2.6)
    coffee-rails (3.2.2)
      coffee-script (>= 2.2.0)
      railties (~> 3.2.0)
    coffee-script (2.2.0)
      coffee-script-source
      execjs
    coffee-script-source (1.7.0)
    columnize (0.3.6)
    connection_pool (1.2.0)
    countries (0.9.3)
      currencies (~> 0.4.2)
    country_select (1.3.1)
      countries (= 0.9.3)
    crack (0.4.2)
      safe_yaml (~> 1.0.0)
    cucumber (1.3.11)
      builder (>= 2.1.2)
      diff-lcs (>= 1.1.3)
      gherkin (~> 2.12)
      multi_json (>= 1.7.5, < 2.0)
      multi_test (>= 0.0.2)
    cucumber-rails (1.3.1)
      capybara (>= 1.1.2)
      cucumber (>= 1.2.0)
      nokogiri (>= 1.5.0)
      rails (~> 3.0)
    currencies (0.4.2)
    daemons (1.1.9)
    debugger (1.6.6)
      columnize (>= 0.3.1)
      debugger-linecache (~> 1.2.0)
      debugger-ruby_core_source (~> 1.3.2)
    debugger-linecache (1.2.0)
    debugger-ruby_core_source (1.3.2)
    devise (2.2.8)
      bcrypt-ruby (~> 3.0)
      orm_adapter (~> 0.1)
      railties (~> 3.1)
      warden (~> 1.2.1)
    diff-lcs (1.2.5)
    diffy (3.0.2)
    easy_diff (0.0.2)
    erubis (2.7.0)
    ethon (0.6.3)
      ffi (>= 1.3.0)
      mime-types (~> 1.18)
    eventmachine (1.0.3)
    excon (0.31.0)
    execjs (2.0.2)
    expression_parser (0.9.0)
    facebox-rails (0.2.0)
      railties (>= 3.0, < 5.0)
      thor (>= 0.14, < 2.0)
    faker (1.2.0)
      i18n (~> 0.5)
    faraday (0.8.9)
      multipart-post (~> 1.2.0)
    faraday_middleware (0.9.0)
      faraday (>= 0.7.4, < 0.9)
    fastercsv (1.5.5)
    ffi (1.9.3)
    fog (1.20.0)
      builder
      excon (~> 0.31.0)
      formatador (~> 0.2.0)
      mime-types
      multi_json (~> 1.0)
      net-scp (~> 1.1)
      net-ssh (>= 2.1.3)
      nokogiri (>= 1.5.11)
    foreigner (1.1.6)
      activerecord (>= 3.0.0)
    foreman (0.46.0)
      thor (>= 0.13.6)
    formatador (0.2.4)
    friendly_id (4.0.10.1)
      activerecord (>= 3.0, < 4.0)
    gherkin (2.12.2)
      multi_json (~> 1.3)
    gon (5.0.4)
      actionpack (>= 2.3.0)
      json
    handlebars_assets (0.15)
      execjs (>= 1.2.9)
      multi_json
      sprockets (>= 2.0.3)
      tilt
    has_scope (0.5.1)
    hashie (1.2.0)
    hike (1.2.3)
    http_accept_language (1.0.2)
    httpauth (0.2.1)
    i18n (0.6.9)
    i18n-inflector (2.6.7)
      i18n (>= 0.4.1)
    i18n-inflector-rails (1.0.7)
      actionpack (>= 3.0.0)
      i18n-inflector (~> 2.6)
      railties (>= 3.0.0)
    jasmine-core (2.0.0)
    journey (1.0.4)
    jquery-rails (3.1.0)
      railties (>= 3.0, < 5.0)
      thor (>= 0.14, < 2.0)
    jquery-ui-bootstrap-rails-asset (0.0.3)
      bootstrap-sass-rails
      railties (>= 3.1.0)
    json (1.8.1)
    jwt (0.1.11)
      multi_json (>= 1.5)
    koala (1.9.0)
      addressable
      faraday
      multi_json
    libv8 (3.16.14.3)
    linecache (0.46)
      rbx-require-relative (> 0.0.4)
    mail (2.5.4)
      mime-types (~> 1.16)
      treetop (~> 1.4.8)
    messagebus_ruby_api (1.0.3)
    mime-types (1.25.1)
    mini_magick (3.4)
      subexec (~> 0.2.1)
    mini_portile (0.5.2)
    mongoid (3.0.23)
      activemodel (~> 3.1)
      moped (~> 1.2)
      origin (~> 1.0)
      tzinfo (~> 0.3.22)
    mongoid-history (0.4.1)
      activesupport
      easy_diff
      mongoid (>= 3.0)
    mongoid_slug (3.2.0)
      mongoid (> 3.0)
      stringex (~> 2.0)
    moped (1.5.2)
    multi_json (1.9.0)
    multi_test (0.0.3)
    multipart-post (1.2.0)
    mysql2 (0.3.15)
    net-scp (1.1.2)
      net-ssh (>= 2.6.5)
    net-ssh (2.8.0)
    nokogiri (1.6.1)
      mini_portile (~> 0.5.0)
    oauth (0.4.7)
    oauth2 (0.8.1)
      faraday (~> 0.8)
      httpauth (~> 0.1)
      jwt (~> 0.1.4)
      multi_json (~> 1.0)
      rack (~> 1.2)
    omniauth (1.0.3)
      hashie (~> 1.2)
      rack
    omniauth-facebook (1.6.0)
      omniauth-oauth2 (~> 1.1)
    omniauth-oauth (1.0.1)
      oauth
      omniauth (~> 1.0)
    omniauth-oauth2 (1.1.1)
      oauth2 (~> 0.8.0)
      omniauth (~> 1.0)
    omniauth-tumblr (1.1)
      omniauth-oauth (~> 1.0)
    origin (1.1.0)
    orm_adapter (0.5.0)
    paper_trail (3.0.0)
      activerecord (>= 3.0, < 5.0)
      activesupport (>= 3.0, < 5.0)
    pg (0.17.1)
    phantomjs (1.9.7.0)
    polyamorous (0.6.4)
      activerecord (>= 3.0)
    polyglot (0.3.4)
    rack (1.4.5)
    rack-cache (1.2)
      rack (>= 0.4)
    rack-cors (0.2.9)
    rack-google-analytics (0.11.0)
    rack-piwik (0.1.3)
    rack-protection (1.5.2)
      rack
    rack-rewrite (1.2.1)
    rack-ssl (1.3.3)
      rack
    rack-test (0.6.2)
      rack (>= 1.0)
    rails (3.2.17)
      actionmailer (= 3.2.17)
      actionpack (= 3.2.17)
      activerecord (= 3.2.17)
      activeresource (= 3.2.17)
      activesupport (= 3.2.17)
      bundler (~> 1.0)
      railties (= 3.2.17)
    rails-i18n (3.0.0)
      i18n (~> 0.5)
      rails (>= 3.0.0, < 4.0.0)
    rails_autolink (1.1.5)
      rails (> 3.1)
    railties (3.2.17)
      actionpack (= 3.2.17)
      activesupport (= 3.2.17)
      rack-ssl (~> 1.3.2)
      rake (>= 0.8.7)
      rdoc (~> 3.4)
      thor (>= 0.14.6, < 2.0)
    rake (10.1.1)
    ransack (1.1.0)
      actionpack (>= 3.0)
      activerecord (>= 3.0)
      polyamorous (~> 0.6.0)
    rbx-require-relative (0.0.9)
    rdiscount (1.6.8)
    rdoc (3.12.2)
      json (~> 1.4)
    recaptcha (0.3.6)
    redcarpet (3.1.1)
    redis (3.0.7)
    redis-namespace (1.4.1)
      redis (~> 3.0.4)
    ref (1.0.5)
    remotipart (1.2.1)
    rinku (1.5.1)
    rspec-instafail (0.2.4)
    ruby-debug (0.10.4)
      columnize (>= 0.1)
      ruby-debug-base (~> 0.10.4.0)
    ruby-debug-base (0.10.4)
      linecache (>= 0.3)
    safe_yaml (1.0.1)
    sass (3.2.10)
    sass-rails (3.2.6)
      railties (~> 3.2.0)
      sass (>= 3.1.10)
      tilt (~> 1.3)
    sidekiq (2.17.7)
      celluloid (>= 0.15.2)
      connection_pool (>= 1.0.0)
      json
      redis (>= 3.0.6)
      redis-namespace (>= 1.3.1)
    simple-navigation (3.12.2)
      activesupport (>= 2.3.2)
    simple-navigation-bootstrap (1.0.0)
      railties (>= 3.1)
      simple-navigation (>= 3.7.0)
    simple_form (2.1.1)
      actionpack (~> 3.0)
      activemodel (~> 3.0)
    simplecov (0.7.1)
      multi_json (~> 1.0)
      simplecov-html (~> 0.7.1)
    simplecov-html (0.7.1)
    sinatra (1.4.4)
      rack (~> 1.4)
      rack-protection (~> 1.4)
      tilt (~> 1.3, >= 1.3.4)
    slim (2.0.2)
      temple (~> 0.6.6)
      tilt (>= 1.3.3, < 2.1)
    sprockets (2.2.2)
      hike (~> 1.2)
      multi_json (~> 1.0)
      rack (~> 1.0)
      tilt (~> 1.1, != 1.3.0)
    sshkit (1.3.0)
      net-scp (>= 1.1.2)
      net-ssh
      term-ansicolor
    state_machine (1.2.0)
    stringex (2.2.1)
    subexec (0.2.3)
    temple (0.6.7)
    term-ansicolor (1.3.0)
      tins (~> 1.0)
    therubyracer (0.12.1)
      libv8 (~> 3.16.14.0)
      ref
    thin (1.3.1)
      daemons (>= 1.0.9)
      eventmachine (>= 0.12.6)
      rack (>= 1.0.0)
    thor (0.18.1)
    tilt (1.4.1)
    timers (1.1.0)
    tins (1.0.0)
    treetop (1.4.15)
      polyglot
      polyglot (>= 0.3.1)
    typhoeus (0.6.7)
      ethon (~> 0.6.2)
    tzinfo (0.3.38)
    uglifier (2.4.0)
      execjs (>= 0.3.0)
      json (>= 1.8.0)
    voluntary (0.1.0)
      activerecord-import
      acts-as-taggable-on (= 2.4.1)
      acts_as_api
      acts_as_list
      ancestry
      auto_html
      bootstrap-sass-rails (~> 2)
      cancan
      capistrano
      carrierwave (= 0.6.2)
      client_side_validations
      coffee-rails (~> 3.2.1)
      coffee-script
      country_select
      devise (~> 2)
      diffy
      facebox-rails
      faker
      faraday
      faraday_middleware
      fog
      foreigner (~> 1.1.0)
      foreman (= 0.46)
      friendly_id (~> 4.0.0)
      gon
      handlebars_assets
      has_scope
      http_accept_language (~> 1.0.2)
      i18n-inflector-rails (~> 1.0)
      jquery-rails
      jquery-ui-bootstrap-rails-asset
      json
      koala
      messagebus_ruby_api (= 1.0.3)
      mini_magick (= 3.4)
      mongoid (~> 3.0.0)
      mongoid-history
      mongoid_slug
      omniauth (= 1.0.3)
      omniauth-facebook
      omniauth-tumblr
      paper_trail
      pg
      rails (~> 3.2.13)
      rails-i18n
      rails_autolink
      ransack
      remotipart (~> 1.0)
      sass (= 3.2.10)
      sass-rails (~> 3.2.3)
      sidekiq
      simple-navigation
      simple-navigation-bootstrap
      simple_form
      slim
      state_machine
      typhoeus
      uglifier (>= 1.0.3)
      wicked
      will_paginate
    warden (1.2.3)
      rack (>= 1.0)
    webmock (1.8.11)
      addressable (>= 2.2.7)
      crack (>= 0.1.7)
    wicked (1.0.2)
      rails (>= 3.0.7)
    wikicloth (0.8.1)
      builder
      expression_parser
      rinku
    wikitext (2.1.1)
    xpath (2.0.0)
      nokogiri (~> 1.3)
    yard (0.8.7.3)

PLATFORMS
  ruby

DEPENDENCIES
  acts_as_markup!
  addressable (~> 2.2)
  asset_sync (~> 0.5.0)
  auto_html!
  capistrano (~> 3.1.0)
  capistrano-ext (~> 1.2.1)
  capistrano_colors (~> 0.5.5)
  cucumber-rails (~> 1.3.0)
  debugger
  fastercsv (~> 1.5.5)
  jasmine!
  linecache (= 0.46)
  mysql2 (~> 0.3.13)
  pg
  rack-cors (~> 0.2.4)
  rack-google-analytics (~> 0.11.0)
  rack-piwik (~> 0.1.3)
  rack-rewrite (~> 1.2.1)
  rack-ssl (~> 1.3.3)
  recaptcha
  rspec-instafail (~> 0.2.4)
  ruby-debug (~> 0.10.4)
  settingslogic!
  simplecov (~> 0.7.1)
  sinatra
  therubyracer (~> 0.12.0)
  thin (~> 1.3.1)
  voluntary_scholarship!
  webmock (~> 1.8.11)
  will_paginate!
  yard (~> 0.7)
